GEM
  remote: https://rubygems.org/
  specs:
    addressable (2.8.7)
      public_suffix (>= 2.0.2, < 7.0)
    colorator (1.1.0)
    concurrent-ruby (1.3.4)
    ffi (1.17.1)
    ffi (1.17.1-aarch64-linux-gnu)
    ffi (1.17.1-aarch64-linux-musl)
    ffi (1.17.1-arm-linux-gnu)
    ffi (1.17.1-arm-linux-musl)
    ffi (1.17.1-arm64-darwin)
    ffi (1.17.1-x86-linux-gnu)
    ffi (1.17.1-x86-linux-musl)
    ffi (1.17.1-x86_64-darwin)
    ffi (1.17.1-x86_64-linux-gnu)
    ffi (1.17.1-x86_64-linux-musl)
    forwardable-extended (2.6.0)
    i18n (1.14.6)
      concurrent-ruby (~> 1.0)
    jekyll (3.6.3)
      addressable (~> 2.4)
      colorator (~> 1.0)
      jekyll-sass-converter (~> 1.0)
      jekyll-watch (~> 1.1)
      kramdown (~> 1.14)
      liquid (~> 4.0)
      mercenary (~> 0.3.3)
      pathutil (~> 0.9)
      rouge (>= 1.7, < 3)
      safe_yaml (~> 1.0)
    jekyll-paginate (1.1.0)
    jekyll-sass-converter (1.5.2)
      sass (~> 3.4)
    jekyll-watch (1.5.1)
      listen (~> 3.0)
    kramdown (1.17.0)
    liquid (4.0.4)
    listen (3.9.0)
      rb-fsevent (~> 0.10, >= 0.10.3)
      rb-inotify (~> 0.9, >= 0.9.10)
    mercenary (0.3.6)
    pathutil (0.16.2)
      forwardable-extended (~> 2.6)
    public_suffix (6.0.1)
    rb-fsevent (0.11.2)
    rb-inotify (0.11.1)
      ffi (~> 1.0)
    rouge (2.2.1)
    safe_yaml (1.0.5)
    sass (3.7.4)
      sass-listen (~> 4.0.0)
    sass-listen (4.0.0)
      rb-fsevent (~> 0.9, >= 0.9.4)
      rb-inotify (~> 0.9, >= 0.9.7)

PLATFORMS
  aarch64-linux-gnu
  aarch64-linux-musl
  arm-linux-gnu
  arm-linux-musl
  arm64-darwin
  ruby
  x86-linux-gnu
  x86-linux-musl
  x86_64-darwin
  x86_64-linux-gnu
  x86_64-linux-musl

DEPENDENCIES
  i18n
  jekyll (~> 3.6.3)
  jekyll-paginate

BUNDLED WITH
   2.6.2
